GEM
  remote: https://rubygems.org/
  specs:
    coderay (1.1.1)
    coolline (0.5.0)
      unicode_utils (~> 1.4)
    dotenv (2.1.0)
    hanami-model (0.6.1)
      hanami-utils (~> 0.7)
      sequel (~> 4.9)
    hanami-utils (0.9.2)
    method_source (0.8.2)
    pg (0.19.0)
    pry (0.10.4)
      coderay (~> 1.1.0)
      method_source (~> 0.8.1)
      slop (~> 3.4)
    pry-coolline (0.2.5)
      coolline (~> 0.5)
    rack (1.6.5)
    rack-cors (0.4.0)
    rack-protection (1.5.3)
      rack
    rake (12.0.0)
    sequel (4.42.0)
    sinatra (1.4.7)
      rack (~> 1.5)
      rack-protection (~> 1.4)
      tilt (>= 1.3, < 3)
    slop (3.6.0)
    tilt (2.0.5)
    unicode_utils (1.4.0)

PLATFORMS
  ruby

DEPENDENCIES
  bundler
  dotenv (~> 2.0)
  hanami-model (~> 0.6.0)
  pg (~> 0.19.0)
  pry
  pry-coolline
  rack-cors (~> 0.4.0)
  rake
  sinatra (~> 1.4.7)

RUBY VERSION
   ruby 2.3.0p0

BUNDLED WITH
   1.12.5
